PATH
  remote: .
  specs:
    roger_sneakpeek (0.0.2)
      faraday (~> 0.8, >= 0.8.11)
      roger (~> 1.4, >= 1.0.0)

GEM
  remote: https://rubygems.org/
  specs:
    ast (2.2.0)
    faraday (0.9.1)
      multipart-post (>= 1.2, < 3)
    hpricot (0.8.4)
    metaclass (0.0.4)
    mime-types (2.99.1)
    mocha (1.1.0)
      metaclass (~> 0.0.1)
    multipart-post (2.0.0)
    parser (2.3.0.1)
      ast (~> 2.2)
    power_assert (0.2.7)
    powerpack (0.1.1)
    rack (1.6.4)
    rainbow (2.0.0)
    rake (10.5.0)
    redcarpet (3.3.4)
    roger (1.6.0)
      hpricot (= 0.8.4)
      mime-types (~> 2.2)
      rack (>= 1.0.0)
      redcarpet (>= 3.1.1)
      test_construct (~> 2.0)
      thor (~> 0.19.0)
      tilt (~> 2.0.1)
    rubocop (0.36.0)
      parser (>= 2.3.0.0, < 3.0)
      powerpack (~> 0.1)
      rainbow (>= 1.99.1, < 3.0)
      ruby-progressbar (~> 1.7)
    ruby-progressbar (1.7.5)
    test-unit (3.1.5)
      power_assert
    test_construct (2.0.1)
    thor (0.19.1)
    tilt (2.0.2)

PLATFORMS
  ruby

DEPENDENCIES
  mocha (~> 1.1.0)
  rake
  roger_sneakpeek!
  rubocop
  test-unit
  thor (~> 0)

BUNDLED WITH
   1.10.6
