PATH
  remote: .
  specs:
    roger_sneakpeek (0.1.4)
      faraday (~> 0.8, >= 0.8.11)
      roger (~> 1.7, >= 1.0.0)

GEM
  remote: https://rubygems.org/
  specs:
    ast (2.4.0)
    faraday (0.14.0)
      multipart-post (>= 1.2, < 3)
    hpricot (0.8.4)
    metaclass (0.0.4)
    mime-types (2.99.3)
    mocha (1.1.0)
      metaclass (~> 0.0.1)
    multipart-post (2.0.0)
    parallel (1.12.1)
    parser (2.5.0.5)
      ast (~> 2.4.0)
    power_assert (0.2.7)
    powerpack (0.1.1)
    rack (2.0.4)
    rainbow (3.0.0)
    rake (10.5.0)
    redcarpet (3.4.0)
    roger (1.8.0)
      hpricot (= 0.8.4)
      mime-types (~> 2.2)
      rack (>= 1.0.0)
      redcarpet (>= 3.1.1)
      test_construct (~> 2.0)
      thor (~> 0.19.0)
      tilt (~> 2.0.1)
    rubocop (0.54.0)
      parallel (~> 1.10)
      parser (>= 2.5)
      powerpack (~> 0.1)
      rainbow (>= 2.2.2, < 4.0)
      ruby-progressbar (~> 1.7)
      unicode-display_width (~> 1.0, >= 1.0.1)
    ruby-progressbar (1.9.0)
    test-unit (3.1.5)
      power_assert
    test_construct (2.0.1)
    thor (0.19.1)
    tilt (2.0.8)
    unicode-display_width (1.3.0)

PLATFORMS
  ruby

DEPENDENCIES
  mocha (~> 1.1.0)
  rake
  roger_sneakpeek!
  rubocop
  test-unit
  thor (~> 0)

BUNDLED WITH
   1.16.1
